GEM
  remote: https://rubygems.org/
  specs:
    mini_magick (4.5.1)

PLATFORMS
  ruby

DEPENDENCIES
  mini_magick

BUNDLED WITH
   1.11.2
